GIT
  remote: git@github.com:rack/rack-contrib
  revision: b7237381e412852435d87100a37add67b2cfbb63
  ref: b7237381e412852435d87100a37add67b2cfbb63
  specs:
    rack-contrib (1.1.0)
      rack (>= 0.9.1)

GEM
  remote: http://rubygems.org/
  specs:
    activesupport (3.2.8)
      i18n (~> 0.6)
      multi_json (~> 1.0)
    addressable (2.3.2)
    backports (2.6.4)
    blankslate (2.1.2.4)
    bouncy-castle-java (1.5.0146.1)
    clj (0.0.5.6)
    coderay (1.0.7)
    crack (0.3.1)
    daemons (1.1.9)
    diff-lcs (1.1.3)
    eventmachine (0.12.10)
    eventmachine (0.12.10-java)
    faraday (0.8.4)
      multipart-post (~> 1.1)
    i18n (0.6.0)
    jruby-openssl (0.7.7)
      bouncy-castle-java (>= 1.5.0146.1)
    json (1.7.5)
    json (1.7.5-java)
    method_source (0.8)
    multi_json (1.3.6)
    multipart-post (1.1.5)
    pry (0.9.10)
      coderay (~> 1.0.5)
      method_source (~> 0.8)
      slop (~> 3.3.1)
    pry (0.9.10-java)
      coderay (~> 1.0.5)
      method_source (~> 0.8)
      slop (~> 3.3.1)
      spoon (~> 0.0)
    rack (1.4.1)
    rack-protection (1.2.0)
      rack
    rack-test (0.6.1)
      rack (>= 1.0)
    rake (0.9.2.2)
    rspec (2.11.0)
      rspec-core (~> 2.11.0)
      rspec-expectations (~> 2.11.0)
      rspec-mocks (~> 2.11.0)
    rspec-core (2.11.1)
    rspec-expectations (2.11.2)
      diff-lcs (~> 1.1.3)
    rspec-mocks (2.11.2)
    sinatra (1.3.3)
      rack (~> 1.3, >= 1.3.6)
      rack-protection (~> 1.2)
      tilt (~> 1.3, >= 1.3.3)
    sinatra-contrib (1.3.1)
      backports (>= 2.0)
      eventmachine
      rack-protection
      rack-test
      sinatra (~> 1.3.0)
      tilt (~> 1.3)
    sinatra-reloader (1.0)
      sinatra-contrib
    slop (3.3.2)
    spoon (0.0.1)
    thin (1.4.1)
      daemons (>= 1.0.9)
      eventmachine (>= 0.12.6)
      rack (>= 1.0.0)
    thor (0.14.6)
    tilt (1.3.3)
    torquebox (2.1.1)
      thor (= 0.14.6)
      torquebox-cache (= 2.1.1)
      torquebox-configure (= 2.1.1)
      torquebox-core (= 2.1.1)
      torquebox-messaging (= 2.1.1)
      torquebox-naming (= 2.1.1)
      torquebox-rake-support (= 2.1.1)
      torquebox-security (= 2.1.1)
      torquebox-stomp (= 2.1.1)
      torquebox-transactions (= 2.1.1)
      torquebox-web (= 2.1.1)
    torquebox-cache (2.1.1-java)
      torquebox-core (= 2.1.1)
      torquebox-transactions (= 2.1.1)
    torquebox-configure (2.1.1-java)
      blankslate (= 2.1.2.4)
    torquebox-core (2.1.1-java)
    torquebox-messaging (2.1.1-java)
      clj (= 0.0.5.6)
      torquebox-core (= 2.1.1)
      torquebox-transactions (= 2.1.1)
    torquebox-naming (2.1.1-java)
    torquebox-no-op (2.1.0)
    torquebox-rake-support (2.1.1)
      rake (>= 0.8.7, < 1.0.0)
    torquebox-security (2.1.1-java)
      torquebox-core (= 2.1.1)
    torquebox-server (2.1.1-java)
      torquebox (= 2.1.1)
    torquebox-stomp (2.1.1)
      torquebox-core (= 2.1.1)
      torquebox-messaging (= 2.1.1)
    torquebox-transactions (2.1.1)
      torquebox-core (= 2.1.1)
    torquebox-web (2.1.1-java)
    vcr (2.2.4)
    webmock (1.8.9)
      addressable (>= 2.2.7)
      crack (>= 0.1.7)

PLATFORMS
  java
  ruby

DEPENDENCIES
  activesupport
  faraday
  jruby-openssl
  json
  pry
  rack-contrib!
  rake
  rspec
  sinatra
  sinatra-reloader
  thin
  torquebox-no-op
  torquebox-rake-support
  torquebox-server
  vcr
  webmock
